PATH
  remote: .
  specs:
    polynom_diff (0.1.0)

GEM
  remote: https://rubygems.org/
  specs:
    rake (13.2.1)

PLATFORMS
  x64-mingw-ucrt

DEPENDENCIES
  polynom_diff!
  rake (~> 13.0)

BUNDLED WITH
   2.6.2
